PATH
  remote: .
  specs:
    swgem (0.0.1)

GEM
  remote: https://rubygems.org/
  specs:
    coderay (1.1.0)
    ethon (0.8.1)
      ffi (>= 1.3.0)
    faraday (0.9.2)
      multipart-post (>= 1.2, < 3)
    ffi (1.9.10)
    json (1.8.3)
    method_source (0.8.2)
    multipart-post (2.0.0)
    oj (2.14.1)
    pry (0.10.3)
      coderay (~> 1.1.0)
      method_source (~> 0.8.1)
      slop (~> 3.4)
    slop (3.6.0)
    typhoeus (1.0.1)
      ethon (>= 0.8.0)

PLATFORMS
  ruby

DEPENDENCIES
  faraday (~> 0.9.2)
  json
  oj
  pry
  swgem!
  typhoeus

BUNDLED WITH
   1.11.2
